GIT
  remote: git://github.com/durran/mongoid.git
  revision: a5abe21
  specs:
    mongoid (2.0.0.beta9)
      activemodel (~> 3.0.0.beta)
      bson (~> 1.0.3)
      mongo (~> 1.0.3)
      tzinfo (~> 0.3.22)
      will_paginate (~> 3.0.pre)

PATH
  remote: /Users/jose/Work/github/rails
  specs:
    actionmailer (3.0.0.rc)
      actionpack (= 3.0.0.rc)
      mail (~> 2.2.5)
    actionpack (3.0.0.rc)
      activemodel (= 3.0.0.rc)
      activesupport (= 3.0.0.rc)
      builder (~> 2.1.2)
      erubis (~> 2.6.6)
      i18n (~> 0.4.1)
      rack (~> 1.2.1)
      rack-mount (~> 0.6.9)
      rack-test (~> 0.5.4)
      tzinfo (~> 0.3.22)
    activemodel (3.0.0.rc)
      activesupport (= 3.0.0.rc)
      builder (~> 2.1.2)
      i18n (~> 0.4.1)
    activerecord (3.0.0.rc)
      activemodel (= 3.0.0.rc)
      activesupport (= 3.0.0.rc)
      arel (~> 0.4.0)
      tzinfo (~> 0.3.22)
    activeresource (3.0.0.rc)
      activemodel (= 3.0.0.rc)
      activesupport (= 3.0.0.rc)
    activesupport (3.0.0.rc)
    rails (3.0.0.rc)
      actionmailer (= 3.0.0.rc)
      actionpack (= 3.0.0.rc)
      activerecord (= 3.0.0.rc)
      activeresource (= 3.0.0.rc)
      activesupport (= 3.0.0.rc)
      bundler (>= 1.0.0.rc.1)
      railties (= 3.0.0.rc)
    railties (3.0.0.rc)
      actionpack (= 3.0.0.rc)
      activesupport (= 3.0.0.rc)
      rake (>= 0.8.3)
      thor (~> 0.14.0)

GEM
  remote: http://rubygems.org/
  specs:
    abstract (1.0.0)
    activerecord-jdbc-adapter (0.9.7-java)
    activerecord-jdbcsqlite3-adapter (0.9.7-java)
      activerecord-jdbc-adapter (= 0.9.7)
      jdbc-sqlite3 (>= 3.6.3.054)
    addressable (2.1.2)
    arel (0.4.0)
      activesupport (>= 3.0.0.beta)
    bcrypt-ruby (2.1.2)
    bson (1.0.4)
    bson_ext (1.0.4)
    builder (2.1.2)
    columnize (0.3.1)
    erubis (2.6.6)
      abstract (>= 1.0.0)
    faraday (0.4.6)
      addressable (>= 2.1.1)
      rack (>= 1.0.1)
    i18n (0.4.1)
    jdbc-sqlite3 (3.6.3.054)
    linecache (0.43)
    mail (2.2.5)
      activesupport (>= 2.3.6)
      mime-types
      treetop (>= 1.4.5)
    mime-types (1.16)
    mocha (0.9.8)
      rake
    mongo (1.0.5)
      bson (>= 1.0.4)
    multi_json (0.0.4)
    nokogiri (1.4.2)
    nokogiri (1.4.2-java)
      weakling (>= 0.0.3)
    oauth2 (0.0.10)
      faraday (~> 0.4.1)
      multi_json (>= 0.0.4)
    polyglot (0.3.1)
    rack (1.2.1)
    rack-mount (0.6.9)
      rack (>= 1.0.0)
    rack-test (0.5.4)
      rack (>= 1.0)
    rake (0.8.7)
    ruby-debug (0.10.3)
      columnize (>= 0.1)
      ruby-debug-base (~> 0.10.3.0)
    ruby-debug-base (0.10.3)
      linecache (>= 0.3)
    sqlite3-ruby (1.3.1)
    thor (0.14.0)
    treetop (1.4.8)
      polyglot (>= 0.3.1)
    tzinfo (0.3.22)
    warden (0.10.7)
      rack (>= 1.0.0)
    weakling (0.0.4-java)
    webrat (0.7.0)
      nokogiri (>= 1.2.0)
      rack (>= 1.0)
      rack-test (>= 0.5.3)
    will_paginate (3.0.pre)

PLATFORMS
  java
  ruby

DEPENDENCIES
  activerecord-jdbcsqlite3-adapter
  bcrypt-ruby
  bson_ext
  mocha
  mongo
  mongoid!
  oauth2
  rails!
  ruby-debug (>= 0.10.3)
  sqlite3-ruby
  warden (= 0.10.7)
  webrat (= 0.7.0)
